GEM
  remote: https://rubygems.org/
  specs:
    activemodel (5.1.5)
      activesupport (= 5.1.5)
    activerecord (5.1.5)
      activemodel (= 5.1.5)
      activesupport (= 5.1.5)
      arel (~> 8.0)
    activesupport (5.1.5)
      concurrent-ruby (~> 1.0, >= 1.0.2)
      i18n (~> 0.7)
      minitest (~> 5.1)
      tzinfo (~> 1.1)
    arel (8.0.0)
    ast (2.4.0)
    coderay (1.1.2)
    concurrent-ruby (1.0.5)
    database_cleaner (1.6.2)
    dotenv (2.2.1)
    i18n (0.9.5)
      concurrent-ruby (~> 1.0)
    method_source (0.9.0)
    minitest (5.11.3)
    mustermann (1.0.2)
    parallel (1.12.1)
    parser (2.5.0.5)
      ast (~> 2.4.0)
    pg (1.0.0)
    powerpack (0.1.1)
    pry (0.11.3)
      coderay (~> 1.1.0)
      method_source (~> 0.9.0)
    rack (2.0.4)
    rack-protection (2.0.1)
      rack
    rack-test (1.0.0)
      rack (>= 1.0, < 3)
    rainbow (3.0.0)
    rake (12.3.0)
    rubocop (0.54.0)
      parallel (~> 1.10)
      parser (>= 2.5)
      powerpack (~> 0.1)
      rainbow (>= 2.2.2, < 4.0)
      ruby-progressbar (~> 1.7)
      unicode-display_width (~> 1.0, >= 1.0.1)
    ruby-progressbar (1.9.0)
    sequel (5.7.1)
    sinatra (2.0.1)
      mustermann (~> 1.0)
      rack (~> 2.0)
      rack-protection (= 2.0.1)
      tilt (~> 2.0)
    thread_safe (0.3.6)
    tilt (2.0.8)
    timecop (0.9.1)
    tzinfo (1.2.5)
      thread_safe (~> 0.1)
    unicode-display_width (1.3.0)

PLATFORMS
  ruby

DEPENDENCIES
  activerecord
  database_cleaner
  dotenv
  pg
  pry
  rack-test
  rake
  rubocop
  sequel
  sinatra
  timecop

RUBY VERSION
   ruby 2.5.0p0

BUNDLED WITH
   1.16.1
